GEM
  remote: http://rubygems.org/
  specs:
    actionmailer (2.3.8)
      actionpack (= 2.3.8)
    actionpack (2.3.8)
      activesupport (= 2.3.8)
      rack (~> 1.1.0)
    activerecord (2.3.8)
      activesupport (= 2.3.8)
    activeresource (2.3.8)
      activesupport (= 2.3.8)
    activesupport (2.3.8)
    json_pure (1.4.6)
    mysql (2.8.1)
    nokogiri (1.4.3.1)
    rack (1.1.0)
    rails (2.3.8)
      actionmailer (= 2.3.8)
      actionpack (= 2.3.8)
      activerecord (= 2.3.8)
      activeresource (= 2.3.8)
      activesupport (= 2.3.8)
      rake (>= 0.8.3)
    rake (0.8.7)
    restfulie (0.9.3)
      actionpack (>= 2.3.2)
      activesupport (>= 2.3.2)
      json_pure (>= 1.2.4)
      nokogiri (>= 1.4.2)
    rspec (1.3.0)
    rspec-rails (1.3.2)
      rack (>= 1.0.0)
      rspec (>= 1.3.0)

PLATFORMS
  ruby

DEPENDENCIES
  mysql (= 2.8.1)
  rails (= 2.3.8)
  restfulie
  rspec (= 1.3.0)
  rspec-rails (= 1.3.2)
