GEM
  remote: http://rubygems.org/
  specs:
    actionmailer (2.3.8)
      actionpack (= 2.3.8)
    actionpack (2.3.8)
      activesupport (= 2.3.8)
      rack (~> 1.1.0)
    activerecord (2.3.8)
      activesupport (= 2.3.8)
    activeresource (2.3.8)
      activesupport (= 2.3.8)
    activesupport (2.3.8)
    brI18n (2.1.13)
      actionpack (>= 1.4.2)
      activerecord (>= 1.15.3)
      activesupport (>= 1.4.2)
    brazilian-rails (2.1.13)
      brI18n (>= 2.1.13)
      brcep (>= 2.1.13)
      brcpfcnpj (>= 2.1.13)
      brdata (>= 2.1.13)
      brdinheiro (>= 2.1.13)
      brhelper (>= 2.1.13)
      brnumeros (>= 2.1.13)
      brstring (>= 2.1.13)
    brcep (2.1.13)
    brcpfcnpj (2.1.13)
      actionpack (>= 1.13.6)
      activesupport (>= 1.4.2)
    brdata (2.1.13)
      actionpack (>= 1.13.6)
      activesupport (>= 1.4.2)
    brdinheiro (2.1.13)
      actionpack (>= 1.4.2)
      activerecord (>= 1.15.3)
      brnumeros (>= 0.0.1)
    brhelper (2.1.13)
      actionpack (>= 1.13.6)
      activesupport (>= 1.4.2)
    brnumeros (2.1.13)
    brstring (2.1.13)
      activesupport (>= 1.4.2)
    json_pure (1.4.6)
    mysql (2.8.1)
    nokogiri (1.4.3.1)
    rack (1.1.0)
    rails (2.3.8)
      actionmailer (= 2.3.8)
      actionpack (= 2.3.8)
      activerecord (= 2.3.8)
      activeresource (= 2.3.8)
      activesupport (= 2.3.8)
      rake (>= 0.8.3)
    rake (0.8.7)
    restfulie (0.9.3)
      actionpack (>= 2.3.2)
      activesupport (>= 2.3.2)
      json_pure (>= 1.2.4)
      nokogiri (>= 1.4.2)
    rspec (1.3.0)
    rspec-rails (1.3.2)
      rack (>= 1.0.0)
      rspec (>= 1.3.0)
    syntax (1.0.0)

PLATFORMS
  ruby

DEPENDENCIES
  brazilian-rails (= 2.1.13)
  mysql (= 2.8.1)
  rails (= 2.3.8)
  restfulie (= 0.9.3)
  rspec (= 1.3.0)
  rspec-rails (= 1.3.2)
  syntax (= 1.0.0)
